PATH
  remote: .
  specs:
    cassandra-web (0.5.1)
      cassandra-driver (~> 3.2.4)
      rack-cors (~> 1.1.1)
      rack-parser (~> 0.7.0)
      sinatra (~> 2.0.8)
      thin (~> 1.7.2)

GEM
  remote: https://rubygems.org/
  specs:
    cassandra-driver (3.2.4)
      ione (~> 1.2)
    cassandra-driver (3.2.4-java)
      ione (~> 1.2)
    daemons (1.3.1)
    eventmachine (1.2.7)
    eventmachine (1.2.7-java)
    eventmachine (1.2.7-x64-mingw32)
    extlz4 (0.3)
    ione (1.2.4)
    mustermann (1.1.1)
      ruby2_keywords (~> 0.0.1)
    rack (2.2.2)
    rack-cors (1.1.1)
      rack (>= 2.0.0)
    rack-parser (0.7.0)
      rack
    rack-protection (2.0.8.1)
      rack
    rake (13.0.1)
    ruby2_keywords (0.0.2)
    sinatra (2.0.8.1)
      mustermann (~> 1.0)
      rack (~> 2.0)
      rack-protection (= 2.0.8.1)
      tilt (~> 2.0)
    thin (1.7.2)
      daemons (~> 1.0, >= 1.0.9)
      eventmachine (~> 1.0, >= 1.0.4)
      rack (>= 1, < 3)
    tilt (2.0.10)

PLATFORMS
  java
  ruby
  x64-mingw32

DEPENDENCIES
  bundler (~> 2.1.4)
  cassandra-driver (~> 3.2.4)
  cassandra-web!
  eventmachine (~> 1.2.7)
  extlz4 (~> 0.3)
  rack-cors (~> 1.1.1)
  rack-parser (~> 0.7.0)
  rake (~> 13.0.1)
  sinatra (~> 2.0.8)
  thin (~> 1.7.2)

BUNDLED WITH
   2.1.4
